GEM
  remote: https://rubygems.org/
  specs:
    chingu (0.8.1)
      crack
      gosu (>= 0.7.25)
      rest-client
    crack (0.4.1)
      safe_yaml (~> 0.9.0)
    gosu (0.7.50)
    hasu (0.1.4)
      gosu
    mime-types (2.0)
    rest-client (1.6.7)
      mime-types (>= 1.16)
    safe_yaml (0.9.7)

PLATFORMS
  ruby

DEPENDENCIES
  chingu
  hasu
